GEM
  remote: https://rubygems.org/
  specs:
  gem 'rubocop', '>= 1.0', '< 2.0'

PLATFORMS
  x86_64-linux

DEPENDENCIES

BUNDLED WITH
   2.2.15

